GEM
  remote: http://rubygems.org/
  specs:
    activesupport (3.0.10)
    builder (3.0.0)
    cramp (0.15.1)
      activesupport (~> 3.0.9)
      eventmachine (~> 1.0.0.beta.3)
      rack (~> 1.3.2)
      thor (~> 0.14.6)
    daemons (1.1.4)
    eventmachine (1.0.0.beta.3)
    excon (0.6.5)
    fog (0.11.0)
      builder
      excon (~> 0.6.5)
      formatador (~> 0.2.0)
      mime-types
      multi_json (~> 1.0.3)
      net-scp (~> 1.0.4)
      net-ssh (~> 2.1.4)
      nokogiri (~> 1.5.0)
      ruby-hmac
    formatador (0.2.0)
    json (1.5.4)
    mime-types (1.16)
    multi_json (1.0.3)
    net-scp (1.0.4)
      net-ssh (>= 1.99.1)
    net-ssh (2.1.4)
    nokogiri (1.5.0)
    rack (1.3.2)
    redis (2.2.2)
    ruby-hmac (0.4.0)
    thor (0.14.6)

PLATFORMS
  ruby

DEPENDENCIES
  cramp
  daemons
  fog
  json
  redis
  thor
